NUGET
  remote: https://www.nuget.org/api/v2
  specs:
    FSharp.Compiler.Service (2.0.0.6)
    FSharp.Core (4.0.0.1)
